GEM
  remote: https://rubygems.org/
  specs:
    sass (3.4.21)
    slim (3.0.6)
      temple (~> 0.7.3)
      tilt (>= 1.3.3, < 2.1)
    temple (0.7.6)
    tilt (2.0.2)

PLATFORMS
  ruby

DEPENDENCIES
  sass
  slim (>= 3.0.2)
